NUGET
  remote: https://nuget.org/api/v2
  specs:
    FAKE (4.8.0)
    FSharp.Compiler.Service (1.4.0.6)
    FSharp.Core (4.0.0.1)
    FSharp.Formatting (2.12.0)
      FSharp.Compiler.Service (1.4.0.6)
      FSharpVSPowerTools.Core (2.1.0)
    FSharpVSPowerTools.Core (2.1.0)
      FSharp.Compiler.Service (>= 1.4.0.6)
    FsReveal (1.1.0)
      FSharp.Formatting (>= 2.11.0)
    Suave (0.33.0)
      FSharp.Core (>= 3.1.2.5)
